GEM
  remote: http://rubygems.org/
  specs:
    addressable (2.2.6)
    coderay (1.0.5)
    crack (0.3.1)
    credit_card_validator (1.1.0)
    curb (0.8.0)
    diff-lcs (1.1.3)
    equivalent-xml (0.2.9)
      nokogiri (>= 1.4.3)
    method_source (0.7.0)
    nokogiri (1.5.0)
    pry (0.9.8.2)
      coderay (~> 1.0.5)
      method_source (~> 0.7)
      slop (>= 2.4.4, < 3)
    redcarpet (2.1.0)
    rspec (2.7.0)
      rspec-core (~> 2.7.0)
      rspec-expectations (~> 2.7.0)
      rspec-mocks (~> 2.7.0)
    rspec-core (2.7.1)
    rspec-expectations (2.7.0)
      diff-lcs (~> 1.1.2)
    rspec-mocks (2.7.0)
    slop (2.4.4)
    thor (0.14.6)
    webmock (1.7.10)
      addressable (~> 2.2, > 2.2.5)
      crack (>= 0.1.7)
    yard (0.7.5)

PLATFORMS
  ruby

DEPENDENCIES
  credit_card_validator
  curb
  equivalent-xml
  nokogiri
  pry
  redcarpet
  rspec
  thor
  webmock
  yard
